GEM
  remote: http://rubygems.org/
  specs:
    diff-lcs (1.2.1)
    facter (1.6.17)
    metaclass (0.0.1)
    mocha (0.13.3)
      metaclass (~> 0.0.1)
    puppet (2.7.20)
      facter (~> 1.5)
    puppet-lint (0.3.2)
    puppet-syntax (1.0.0)
      puppet (>= 2.7.0)
      rake
    puppetlabs_spec_helper (0.4.1)
      mocha (>= 0.10.5)
      rake
      rspec (>= 2.9.0)
      rspec-puppet (>= 0.1.1)
    rake (10.0.4)
    rspec (2.13.0)
      rspec-core (~> 2.13.0)
      rspec-expectations (~> 2.13.0)
      rspec-mocks (~> 2.13.0)
    rspec-core (2.13.0)
    rspec-expectations (2.13.0)
      diff-lcs (>= 1.1.3, < 2.0)
    rspec-mocks (2.13.0)
    rspec-puppet (0.1.6)
      rspec

PLATFORMS
  ruby

DEPENDENCIES
  puppet (~> 2.7.0)
  puppet-lint
  puppet-syntax
  puppetlabs_spec_helper
  rake
  rspec-puppet
